GEM
  remote: https://rubygems.org/
  specs:
    jdbc-postgres (9.4.1206)
    puma (3.0.2-java)
    rack (1.6.4)
    rack-protection (1.5.3)
      rack
    sequel (4.31.0)
    sinatra (1.4.7)
      rack (~> 1.5)
      rack-protection (~> 1.4)
      tilt (>= 1.3, < 3)
    tilt (2.0.2)

PLATFORMS
  java

DEPENDENCIES
  jdbc-postgres
  puma
  sequel
  sinatra

BUNDLED WITH
   1.10.6
